GEM
  remote: https://rubygems.org/
  specs:
    csv (3.0.0)

PLATFORMS
  ruby

DEPENDENCIES
  bundler
  csv

RUBY VERSION
   ruby 2.5.1p57

BUNDLED WITH
   1.16.2
